GEM
  remote: https://rubygems.org/
  specs:
    rack (3.0.8)
    roda (3.71.0)
      rack

PLATFORMS
  arm64-darwin-22

DEPENDENCIES
  roda (~> 3)

BUNDLED WITH
   2.4.13
